PATH
  remote: .
  specs:
    jay_doubleu_tee (0.2.1)
      dry-configurable
      dry-effects
      dry-monads
      jwt

GEM
  remote: https://rubygems.org/
  specs:
    concurrent-ruby (1.1.9)
    diff-lcs (1.4.4)
    dry-configurable (0.13.0)
      concurrent-ruby (~> 1.0)
      dry-core (~> 0.6)
    dry-container (0.9.0)
      concurrent-ruby (~> 1.0)
      dry-configurable (~> 0.13, >= 0.13.0)
    dry-core (0.7.1)
      concurrent-ruby (~> 1.0)
    dry-effects (0.2.0)
      concurrent-ruby (~> 1.0)
      dry-container (~> 0.7, >= 0.7.2)
      dry-core (~> 0.5, >= 0.5)
      dry-inflector (~> 0.1, >= 0.1.2)
      dry-initializer (~> 3.0)
    dry-inflector (0.2.1)
    dry-initializer (3.0.4)
    dry-monads (1.4.0)
      concurrent-ruby (~> 1.0)
      dry-core (~> 0.7)
    ffi (1.15.4)
    jwt (2.3.0)
    rack (2.2.3)
    rake (12.3.3)
    rbnacl (7.1.1)
      ffi
    rspec (3.10.0)
      rspec-core (~> 3.10.0)
      rspec-expectations (~> 3.10.0)
      rspec-mocks (~> 3.10.0)
    rspec-core (3.10.1)
      rspec-support (~> 3.10.0)
    rspec-expectations (3.10.1)
      diff-lcs (>= 1.2.0, < 2.0)
      rspec-support (~> 3.10.0)
    rspec-mocks (3.10.2)
      diff-lcs (>= 1.2.0, < 2.0)
      rspec-support (~> 3.10.0)
    rspec-support (3.10.3)

PLATFORMS
  ruby

DEPENDENCIES
  jay_doubleu_tee!
  rack
  rake (~> 12.0)
  rbnacl
  rspec (~> 3.0)

BUNDLED WITH
   2.1.4
